PATH
  remote: .
  specs:
    linear-cli (0.9.12)
      base64 (~> 0.2)
      dry-cli (~> 1.0)
      dry-cli-completion (~> 1.0)
      git (~> 1.5)
      gqli (~> 1.2)
      httpx (~> 1.2)
      pry-byebug
      semantic_logger (~> 4.0)
      sequel (~> 5.0)
      sqlite3 (~> 1.7)
      tty-editor (~> 0.7)
      tty-markdown (~> 0.7)
      tty-prompt (~> 0.23)

GEM
  remote: https://rubygems.org/
  specs:
    activesupport (7.1.3.2)
      base64
      bigdecimal
      concurrent-ruby (~> 1.0, >= 1.0.2)
      connection_pool (>= 2.2.5)
      drb
      i18n (>= 1.6, < 2)
      minitest (>= 5.1)
      mutex_m
      tzinfo (~> 2.0)
    addressable (2.8.6)
      public_suffix (>= 2.0.2, < 6.0)
    aruba (2.2.0)
      bundler (>= 1.17, < 3.0)
      contracts (>= 0.16.0, < 0.18.0)
      cucumber (>= 8.0, < 10.0)
      rspec-expectations (~> 3.4)
      thor (~> 1.0)
    ast (2.4.2)
    base64 (0.2.0)
    bigdecimal (3.1.7)
    builder (3.2.4)
    byebug (11.1.3)
    changelog-rb (0.3.0)
      activesupport
      semantic
      thor
    coderay (1.1.3)
    colsole (1.0.0)
    completely (0.6.2)
      colsole (>= 0.8.1, < 2)
      mister_bin (~> 0.7)
    concurrent-ruby (1.2.3)
    connection_pool (2.4.1)
    contracts (0.17)
    cucumber (9.2.0)
      builder (~> 3.2)
      cucumber-ci-environment (> 9, < 11)
      cucumber-core (> 13, < 14)
      cucumber-cucumber-expressions (~> 17.0)
      cucumber-gherkin (> 24, < 28)
      cucumber-html-formatter (> 20.3, < 22)
      cucumber-messages (> 19, < 25)
      diff-lcs (~> 1.5)
      mini_mime (~> 1.1)
      multi_test (~> 1.1)
      sys-uname (~> 1.2)
    cucumber-ci-environment (10.0.1)
    cucumber-core (13.0.2)
      cucumber-gherkin (>= 27, < 28)
      cucumber-messages (>= 20, < 23)
      cucumber-tag-expressions (> 5, < 7)
    cucumber-cucumber-expressions (17.1.0)
      bigdecimal
    cucumber-gherkin (27.0.0)
      cucumber-messages (>= 19.1.4, < 23)
    cucumber-html-formatter (21.3.1)
      cucumber-messages (> 19, < 25)
    cucumber-messages (22.0.0)
    cucumber-tag-expressions (6.1.0)
    diff-lcs (1.5.1)
    docopt_ng (0.7.1)
    domain_name (0.6.20240107)
    drb (2.2.1)
    dry-cli (1.0.0)
    dry-cli-completion (1.0.0)
      completely (~> 0.5)
    ffi (1.16.3)
    ffi-compiler (1.3.2)
      ffi (>= 1.15.5)
      rake
    gem-release (2.2.2)
    git (1.19.1)
      addressable (~> 2.8)
      rchardet (~> 1.8)
    gqli (1.2.0)
      hashie (> 3.0)
      http (> 0.8, < 6.0)
      multi_json (~> 1)
    hashie (5.0.0)
    http-2-next (1.0.3)
    http (5.2.0)
      addressable (~> 2.8)
      base64 (~> 0.1)
      http-cookie (~> 1.0)
      http-form_data (~> 2.2)
      llhttp-ffi (~> 0.5.0)
    http-cookie (1.0.5)
      domain_name (~> 0.5)
    http-form_data (2.3.0)
    httpx (1.2.4)
      http-2-next (>= 1.0.3)
    i18n (1.14.4)
      concurrent-ruby (~> 1.0)
    json (2.7.2)
    kramdown (2.4.0)
      rexml
    language_server-protocol (3.17.0.3)
    llhttp-ffi (0.5.0)
      ffi-compiler (~> 1.0)
      rake (~> 13.0)
    method_source (1.0.0)
    mini_mime (1.1.5)
    mini_portile2 (2.8.5)
    minitest (5.22.3)
    mister_bin (0.7.6)
      colsole (>= 0.8.1, < 2)
      docopt_ng (~> 0.7, >= 0.7.1)
    multi_json (1.15.0)
    multi_test (1.1.0)
    mutex_m (0.2.0)
    parallel (1.24.0)
    parser (3.3.0.5)
      ast (~> 2.4.1)
      racc
    pastel (0.8.0)
      tty-color (~> 0.5)
    pry (0.14.2)
      coderay (~> 1.1)
      method_source (~> 1.0)
    pry-byebug (3.10.1)
      byebug (~> 11.0)
      pry (>= 0.13, < 0.15)
    public_suffix (5.0.5)
    racc (1.7.3)
    rainbow (3.1.1)
    rake (13.2.0)
    rchardet (1.8.0)
    regexp_parser (2.9.0)
    rexml (3.2.6)
    rouge (4.2.1)
    rspec (3.13.0)
      rspec-core (~> 3.13.0)
      rspec-expectations (~> 3.13.0)
      rspec-mocks (~> 3.13.0)
    rspec-core (3.13.0)
      rspec-support (~> 3.13.0)
    rspec-expectations (3.13.0)
      diff-lcs (>= 1.2.0, < 2.0)
      rspec-support (~> 3.13.0)
    rspec-mocks (3.13.0)
      diff-lcs (>= 1.2.0, < 2.0)
      rspec-support (~> 3.13.0)
    rspec-support (3.13.1)
    rubocop (1.62.1)
      json (~> 2.3)
      language_server-protocol (>= 3.17.0)
      parallel (~> 1.10)
      parser (>= 3.3.0.2)
      rainbow (>= 2.2.2, < 4.0)
      regexp_parser (>= 1.8, < 3.0)
      rexml (>= 3.2.5, < 4.0)
      rubocop-ast (>= 1.31.1, < 2.0)
      ruby-progressbar (~> 1.7)
      unicode-display_width (>= 2.4.0, < 3.0)
    rubocop-ast (1.31.2)
      parser (>= 3.3.0.4)
    rubocop-capybara (2.20.0)
      rubocop (~> 1.41)
    rubocop-factory_bot (2.25.1)
      rubocop (~> 1.41)
    rubocop-rake (0.6.0)
      rubocop (~> 1.0)
    rubocop-rspec (2.29.1)
      rubocop (~> 1.40)
      rubocop-capybara (~> 2.17)
      rubocop-factory_bot (~> 2.22)
      rubocop-rspec_rails (~> 2.28)
    rubocop-rspec_rails (2.28.2)
      rubocop (~> 1.40)
    ruby-progressbar (1.13.0)
    semantic (1.6.1)
    semantic_logger (4.15.0)
      concurrent-ruby (~> 1.0)
    sequel (5.79.0)
      bigdecimal
    sqlite3 (1.7.3)
      mini_portile2 (~> 2.8.0)
    sqlite3 (1.7.3-x86_64-linux)
    strings (0.2.1)
      strings-ansi (~> 0.2)
      unicode-display_width (>= 1.5, < 3.0)
      unicode_utils (~> 1.4)
    strings-ansi (0.2.0)
    sys-uname (1.2.3)
      ffi (~> 1.1)
    thor (1.3.1)
    tty-color (0.6.0)
    tty-cursor (0.7.1)
    tty-editor (0.7.0)
      tty-prompt (~> 0.22)
    tty-markdown (0.7.2)
      kramdown (>= 1.16.2, < 3.0)
      pastel (~> 0.8)
      rouge (>= 3.14, < 5.0)
      strings (~> 0.2.0)
      tty-color (~> 0.5)
      tty-screen (~> 0.8)
    tty-prompt (0.23.1)
      pastel (~> 0.8)
      tty-reader (~> 0.8)
    tty-reader (0.9.0)
      tty-cursor (~> 0.7)
      tty-screen (~> 0.8)
      wisper (~> 2.0)
    tty-screen (0.8.2)
    tzinfo (2.0.6)
      concurrent-ruby (~> 1.0)
    unicode-display_width (2.5.0)
    unicode_utils (1.4.0)
    wisper (2.0.1)

PLATFORMS
  ruby
  x86_64-linux

DEPENDENCIES
  aruba (~> 2.2)
  changelog-rb (~> 0.3)
  cucumber (~> 9.1)
  gem-release (~> 2.2)
  linear-cli!
  rake (~> 13.0)
  rspec (~> 3.0)
  rubocop (~> 1.21)
  rubocop-rake
  rubocop-rspec
  semantic_logger (~> 4.0)

BUNDLED WITH
   2.5.5
